GEM
  remote: https://rubygems.org/
  specs:
    addressable (2.4.0)
    domain_name (0.5.20160310)
      unf (>= 0.0.5, < 1.0.0)
    econfig (2.0.0)
    http (2.0.1)
      addressable (~> 2.3)
      http-cookie (~> 1.0)
      http-form_data (~> 1.0.1)
      http_parser.rb (~> 0.6.0)
    http-cookie (1.0.2)
      domain_name (~> 0.5)
    http-form_data (1.0.1)
    http_parser.rb (0.6.0)
    puma (3.8.2)
    rack (2.0.5)
    roda (3.8.0)
      rack
    unf (0.1.4)
      unf_ext
    unf_ext (0.0.7.2)

PLATFORMS
  ruby

DEPENDENCIES
  econfig
  http
  puma
  roda

RUBY VERSION
   ruby 2.5.1p57

BUNDLED WITH
   1.16.1
